PATH
  remote: /Users/ericfields/Boundless/spar
  specs:
    spar (1.0.0)
      aws-sdk
      bluecloth
      bundler (~> 1.0, >= 1.0.18)
      coffee-script (~> 2.2, >= 2.2.0)
      compass (>= 0.12.2)
      haml (~> 3.1, >= 3.1.4)
      listen (~> 0.4, >= 0.4.2)
      mime-types
      rack (~> 1.4, >= 1.4.1)
      rack-livereload
      rake (~> 0.9, >= 0.9.2)
      sass (~> 3.1, >= 3.1.10)
      sinatra (~> 1.3, >= 1.3.2)
      sprockets (~> 2.6, >= 2.6.0)
      sprockets-sass (~> 0.5, >= 0.5)
      test-unit
      thor (~> 0.15, >= 0.15.2)
      uglifier (~> 1.0, >= 1.0.3)
      yui-compressor

GEM
  remote: http://rubygems.org/
  specs:
    POpen4 (0.1.4)
      Platform (>= 0.4.0)
      open4
    Platform (0.4.0)
    aws-sdk (1.6.6)
      httparty (~> 0.7)
      json (~> 1.4)
      nokogiri (>= 1.4.4)
      uuidtools (~> 2.1)
    bluecloth (2.2.0)
    chunky_png (1.2.6)
    coffee-script (2.2.0)
      coffee-script-source
      execjs
    coffee-script-source (1.3.3)
    compass (0.12.2)
      chunky_png (~> 1.2)
      fssm (>= 0.2.7)
      sass (~> 3.1)
    execjs (1.4.0)
      multi_json (~> 1.0)
    fssm (0.2.9)
    haml (3.1.7)
    hike (1.2.1)
    httparty (0.9.0)
      multi_json (~> 1.0)
      multi_xml
    json (1.7.5)
    listen (0.5.2)
    mime-types (1.19)
    multi_json (1.3.6)
    multi_xml (0.5.1)
    nokogiri (1.5.5)
    open4 (1.3.0)
    rack (1.4.1)
    rack-livereload (0.3.8)
      rack
    rack-protection (1.2.0)
      rack
    rake (0.9.2.2)
    sass (3.2.1)
    sinatra (1.3.3)
      rack (~> 1.3, >= 1.3.6)
      rack-protection (~> 1.2)
      tilt (~> 1.3, >= 1.3.3)
    sprockets (2.6.0)
      hike (~> 1.2)
      multi_json (~> 1.0)
      rack (~> 1.0)
      tilt (~> 1.1, != 1.3.0)
    sprockets-sass (0.9.0)
      sprockets (~> 2.0)
      tilt (~> 1.1)
    test-unit (2.5.2)
    thor (0.16.0)
    tilt (1.3.3)
    uglifier (1.3.0)
      execjs (>= 0.3.0)
      multi_json (~> 1.0, >= 1.0.2)
    uuidtools (2.1.3)
    yui-compressor (0.9.6)
      POpen4 (>= 0.1.4)

PLATFORMS
  ruby

DEPENDENCIES
  spar!
